GEM
  remote: http://rubygems.org/
  specs:
    barometer (0.7.3)
      httparty (>= 0.4.5)
      nokogiri
      tzinfo (>= 0.3.14)
    cinch (1.1.3)
    httparty (0.8.1)
      multi_json
      multi_xml
    multi_json (1.0.4)
    multi_xml (0.4.1)
    nokogiri (1.5.0)
    tzinfo (0.3.31)

PLATFORMS
  ruby

DEPENDENCIES
  barometer
  cinch
